GEM
  remote: http://rubygems.org/
  specs:
    git (1.2.5)
    httparty (0.8.1)
      multi_json
      multi_xml
    jeweler (1.5.2)
      bundler (~> 1.0.0)
      git (>= 1.2.5)
      rake
    multi_json (1.0.4)
    multi_xml (0.4.1)
    rake (0.9.2.2)
    shoulda (2.11.3)
    simplecov (0.5.4)
      multi_json (~> 1.0.3)
      simplecov-html (~> 0.5.3)
    simplecov-html (0.5.3)

PLATFORMS
  ruby

DEPENDENCIES
  bundler (~> 1.0.0)
  httparty
  jeweler (~> 1.5.1)
  shoulda
  simplecov
